GEM
  remote: https://rubygems.org/
  specs:
    ast (2.4.2)
    diff-lcs (1.5.1)
    js (2.5.0)
    paco (0.2.3)
    parser (3.3.7.0)
      ast (~> 2.4.1)
      racc
    racc (1.8.1)
    require-hooks (0.2.2)
    ruby-next (1.1.0)
      paco (~> 0.2)
      require-hooks (~> 0.2)
      ruby-next-core (= 1.1.0)
      ruby-next-parser (>= 3.4.0.2)
      unparser (~> 0.6.0)
    ruby-next-core (1.1.0)
    ruby-next-parser (3.4.0.2)
      parser (>= 3.0.3.1)
    ruby_wasm (2.5.0)
    unparser (0.6.15)
      diff-lcs (~> 1.3)
      parser (>= 3.3.0)

PLATFORMS
  aarch64-linux
  arm64-darwin-21
  ruby
  x86_64-linux

DEPENDENCIES
  js (~> 2.5)
  ruby-next (~> 1.1.0)
  ruby_wasm (~> 2.5)

BUNDLED WITH
   2.5.3
