GEM
  remote: https://rubygems.org/
  specs:
    ast (2.4.2)
    diff-lcs (1.5.0)
    js (2.4.1.pre.1)
    paco (0.2.3)
    parser (3.3.0.4)
      ast (~> 2.4.1)
      racc
    racc (1.7.3)
    require-hooks (0.2.2)
    ruby-next (1.0.0)
      paco (~> 0.2)
      require-hooks (~> 0.2)
      ruby-next-core (= 1.0.0)
      ruby-next-parser (>= 3.2.2.0)
      unparser (~> 0.6.0)
    ruby-next-core (1.0.0)
    ruby-next-parser (3.2.2.0)
      parser (>= 3.0.3.1)
    ruby_wasm (2.5.0.pre.1)
    unparser (0.6.12)
      diff-lcs (~> 1.3)
      parser (>= 3.2.2.4)

PLATFORMS
  arm64-darwin-21
  aarch64-linux
  x86_64-linux
  ruby

DEPENDENCIES
  js (~> 2.4.1.pre.1)
  ruby-next (~> 1.0)
  ruby_wasm (~> 2.5.pre.1)

BUNDLED WITH
   2.5.3
