GIT
  remote: https://github.com/ruby/ruby.wasm.git
  revision: 95255203f208e18e6356be6a898e55f2002b49ec
  specs:
    ruby_wasm (2.4.1)

GEM
  remote: https://rubygems.org/
  specs:
    ast (2.4.2)
    diff-lcs (1.5.0)
    js (2.4.1.pre.1)
    paco (0.2.3)
    parser (3.3.0.4)
      ast (~> 2.4.1)
      racc
    racc (1.7.3)
    require-hooks (0.2.2)
    ruby-next (1.0.0)
      paco (~> 0.2)
      require-hooks (~> 0.2)
      ruby-next-core (= 1.0.0)
      ruby-next-parser (>= 3.2.2.0)
      unparser (~> 0.6.0)
    ruby-next-core (1.0.0)
    ruby-next-parser (3.2.2.0)
      parser (>= 3.0.3.1)
    unparser (0.6.12)
      diff-lcs (~> 1.3)
      parser (>= 3.2.2.4)

PLATFORMS
  aarch64-linux
  arm64-darwin-21
  ruby
  x86_64-linux

DEPENDENCIES
  js (~> 2.4.1.pre.1)
  ruby-next (~> 1.0)
  ruby_wasm!

BUNDLED WITH
   2.5.3
